#DESC	1.2 * DESCRIPTOR INFORMATION ***********************
*
*	Dataset Type and Format:
*
DSRC	EXP
BSEQ	BIG
IKKF	REAL
XTYP	IDX
YTYP	NODATA
ZTYP	NODATA
*
*	Item Formats:
*
IRFMT	D
*
*	Data Ranges and Resolutions:
*
XPTS	1024
XMIN	9100.000000
XWID	5000.000000
*
*	Documentational Text:
*
TITL	'KY3_136K_30dB'
IRNAM	'Intensity'
XNAM	'Field'
IRUNI	''
XUNI	'G'
*
************************************************************
*
#SPL	1.2 * STANDARD PARAMETER LAYER
*
OPER    xuser
DATE    06/24/09
TIME    23:15:07
CMNT    
SAMP    
SFOR    
STAG    C
EXPT    CW
OXS1    IADC
AXS1    B0VL
AXS2    NONE
AXS3    
A1CT    1.16
A1SW    0.5
MWFQ    3.404794e+10
MWPW    1.92e-05
AVGS    1
RESO    qt0902
SPTP    0.01024
RCAG    40
RCHM    1
B0MA    0.0004
B0MF    100000
RCPH    0.0
RCOF    0.0
A1RS    1024
RCTC    0.01024
*
************************************************************
*
#DSL	1.0 * DEVICE SPECIFIC LAYER
*

.DVC     acqStart, 1.0


.DVC     fieldCtrl, 1.0

AllegroMode        False
CenterField        11600.00 G
Delay              0.0 s
FieldFlyback       On
FieldWait          Wait LED off
GFactor            2.000000
SetToSampleG       False
StaticFieldMon     12140.000 G
SweepDirection     Up
SweepWidth         5000.0 G

.DVC     fieldSweep, 1.0


.DVC     freqCounter, 1.0

FrequencyMon       34.047941 GHz
QMonitBridge       On

.DVC     mwBridge, 1.0

AcqFineTuning      Never
AcqScanFTuning     Off
AcqSliceFTuning    Off
Power              0.01920 mW
PowerAtten         30 dB
QValue             4800

.DVC     recorder, 1.0

BaselineCorr       Off
NbScansAcc         1
NbScansDone        1
NbScansToDo        1
ReplaceMode        Off
SmoothMode         Auto
SmoothPoints       1

.DVC     scanEnd, 1.0


.DVC     signalChannel, 1.0

AFCTrap            True
AllegroMode        False
AllowShortCt       False
Calibrated         True
ConvTime           10.24 ms
DModAFCTrap        True
DModAmp            1.00 G
DModCalibrated     True
DModDetectSCT      First
DModEliDelay       1.0 us
DModExtLockIn      False
DModExtTrigger     False
DModFieldMod       First
DModGain           60 dB
DModHighPass       True
DModIntegrator     True
DModModOutput      Internal
DModSignalInput    Internal
DModTimeConst      1.28 ms
DoubleModFreq      5.00 kHz
DoubleModPhase     0.0
DoubleMode         False
EliDelay           1.0 us
EnableImag         Disable
ExtLockIn          False
ExtTrigger         False
Gain               40 dB
Harmonic           1
HighPass           True
Integrator         False
IsCalibExp         False
ModAmp             4.000 G
ModFreq            100.00 kHz
ModInput           Internal
ModOutput          Internal
ModPhase           0.0
Offset             0.0 %
QuadMode           False
QuadPhase          90.0
Resolution         1024
Resonator          1
SctNorm            False
SctRevision        DSC2
SignalInput        Internal
SpuExtension       False
SweepTime          10.49 s
TimeConst          10.24 ms
TimeExp            False
TuneCaps           48

*
************************************************************
